GEM
  remote: https://rubygems.org/
  specs:
    arrayfields (4.9.0)
    atoulme-Antwrap (0.7.4)
      rjb (>= 1.0.3)
    atoulme-Antwrap (0.7.4-java)
    bouncy-castle-java (1.5.0147)
    builder (3.2.2)
    buildr (1.4.13)
      atoulme-Antwrap (~> 0.7.4)
      builder (= 3.2.2)
      bundler
      diff-lcs (= 1.2.4)
      highline (= 1.6.19)
      hoe (= 3.7.1)
      json_pure (= 1.8.0)
      minitar (= 0.5.4)
      net-sftp (= 2.1.2)
      net-ssh (= 2.7.0)
      orderedhash
      rake (= 0.9.2.2)
      rjb (= 1.4.8)
      rspec (= 2.14.1)
      rspec-core (= 2.14.5)
      rspec-expectations (= 2.14.3)
      rspec-mocks (= 2.14.3)
      rubyforge (= 2.0.4)
      rubyzip (= 0.9.9)
      xml-simple (= 1.1.2)
    buildr (1.4.13-java)
      atoulme-Antwrap (~> 0.7.4)
      builder (= 3.2.2)
      bundler
      diff-lcs (= 1.2.4)
      highline (= 1.6.19)
      hoe (= 3.7.1)
      jruby-openssl (~> 0.8.2)
      json_pure (= 1.8.0)
      minitar (= 0.5.4)
      net-sftp (= 2.1.2)
      net-ssh (= 2.7.0)
      orderedhash
      rake (= 0.9.2.2)
      rspec (= 2.14.1)
      rspec-core (= 2.14.5)
      rspec-expectations (= 2.14.3)
      rspec-mocks (= 2.14.3)
      rubyforge (= 2.0.4)
      rubyzip (= 0.9.9)
      xml-simple (= 1.1.2)
    chronic (0.10.2)
    ci_reporter (1.9.0)
      builder (>= 2.1.2)
    diff-lcs (1.2.4)
    fattr (2.2.1)
    highline (1.6.19)
    hoe (3.7.1)
      rake (>= 0.8, < 11.0)
    jruby-openssl (0.8.10)
      bouncy-castle-java (>= 1.5.0147)
    json_pure (1.8.0)
    main (5.2.0)
      arrayfields (>= 4.7.4)
      chronic (>= 0.6.2)
      fattr (>= 2.2.0)
      map (>= 5.1.0)
    map (6.5.1)
    maruku (0.6.0)
      syntax (>= 1.0.0)
    minitar (0.5.4)
    net-sftp (2.1.2)
      net-ssh (>= 2.6.5)
    net-ssh (2.7.0)
    open4 (1.3.0)
    orderedhash (0.0.6)
    pg (0.15.1)
    rake (0.9.2.2)
    realityforge-braid (0.9.3)
      main (>= 4.7.3)
      open4 (>= 1.0.1)
    rjb (1.4.8)
    rspec (2.14.1)
      rspec-core (~> 2.14.0)
      rspec-expectations (~> 2.14.0)
      rspec-mocks (~> 2.14.0)
    rspec-core (2.14.5)
    rspec-expectations (2.14.3)
      diff-lcs (>= 1.1.3, < 2.0)
    rspec-mocks (2.14.3)
    rubyforge (2.0.4)
      json_pure (>= 1.1.7)
    rubyzip (0.9.9)
    syntax (1.0.0)
    xml-simple (1.1.2)

PLATFORMS
  java
  ruby

DEPENDENCIES
  buildr (= 1.4.13)
  ci_reporter (>= 1.6.0)
  maruku (= 0.6.0)
  pg (= 0.15.1)
  realityforge-braid (= 0.9.3)
