GEM
  remote: http://rubygems.org/
  specs:
    arrayfields (4.9.0)
    atoulme-Antwrap (0.7.4-java)
    bouncy-castle-java (1.5.0147)
    builder (3.1.3)
    buildr (1.4.11-java)
      atoulme-Antwrap (~> 0.7.4)
      builder (= 3.1.3)
      bundler
      diff-lcs (= 1.1.3)
      highline (= 1.6.2)
      hoe (= 3.1.0)
      jruby-openssl (~> 0.8.2)
      json_pure (= 1.7.5)
      minitar (= 0.5.3)
      net-sftp (= 2.0.5)
      net-ssh (= 2.6.0)
      rake (= 0.9.2.2)
      rspec (= 2.11.0)
      rspec-core (= 2.11.1)
      rspec-expectations (= 2.11.3)
      rspec-mocks (= 2.11.3)
      rubyforge (= 2.0.4)
      rubyzip (= 0.9.9)
      xml-simple (= 1.1.1)
    chronic (0.9.1)
    ci_reporter (1.8.1)
      builder (>= 2.1.2)
    diff-lcs (1.1.3)
    fattr (2.2.1)
    highline (1.6.2)
    hoe (3.1.0)
      rake (~> 0.8)
    jruby-openssl (0.8.7)
      bouncy-castle-java (>= 1.5.0147)
    jruby-pageant (1.1.1-java)
    json_pure (1.7.5)
    main (5.2.0)
      arrayfields (>= 4.7.4)
      chronic (>= 0.6.2)
      fattr (>= 2.2.0)
      map (>= 5.1.0)
    map (6.3.0)
    maruku (0.6.0)
      syntax (>= 1.0.0)
    minitar (0.5.3)
    net-sftp (2.0.5)
      net-ssh (>= 2.0.9)
    net-ssh (2.6.0)
      jruby-pageant (>= 1.1.1)
    open4 (1.3.0)
    rake (0.9.2.2)
    realityforge-braid (0.9.2)
      main (>= 4.7.3)
      open4 (>= 1.0.1)
    rspec (2.11.0)
      rspec-core (~> 2.11.0)
      rspec-expectations (~> 2.11.0)
      rspec-mocks (~> 2.11.0)
    rspec-core (2.11.1)
    rspec-expectations (2.11.3)
      diff-lcs (~> 1.1.3)
    rspec-mocks (2.11.3)
    rubyforge (2.0.4)
      json_pure (>= 1.1.7)
    rubyzip (0.9.9)
    syntax (1.0.0)
    xml-simple (1.1.1)

PLATFORMS
  java

DEPENDENCIES
  buildr (= 1.4.11)
  ci_reporter (>= 1.6.0)
  maruku (= 0.6.0)
  realityforge-braid (= 0.9.2)
